GEM
  remote: https://rubygems.org/
  specs:
    childprocess (3.0.0)
    rubyzip (2.0.0)
    selenium-webdriver (3.142.6)
      childprocess (>= 0.5, < 4.0)
      rubyzip (>= 1.2.2)

PLATFORMS
  ruby

DEPENDENCIES
  selenium-webdriver (~> 3.14)

BUNDLED WITH
   1.17.2
